GEM
  remote: http://rubygems.org/
  specs:
    cassandra-cql (1.1.4)
      simple_uuid (>= 0.2.0)
      thrift_client (>= 0.7.1)
    diff-lcs (1.1.3)
    fattr (2.2.1)
    git (1.2.5)
    highline (1.6.15)
    jeweler (1.8.4)
      bundler (~> 1.0)
      git (>= 1.2.5)
      rake
      rdoc
    json (1.7.3)
    options (2.3.0)
      fattr
    progress_bar (0.4.0)
      highline (~> 1.6.1)
      options (~> 2.3.0)
    rake (0.9.2.2)
    rdoc (3.12)
      json (~> 1.4)
    redcarpet (2.1.1)
    rspec (2.11.0)
      rspec-core (~> 2.11.0)
      rspec-expectations (~> 2.11.0)
      rspec-mocks (~> 2.11.0)
    rspec-core (2.11.0)
    rspec-expectations (2.11.1)
      diff-lcs (~> 1.1.3)
    rspec-mocks (2.11.1)
    shoulda (3.0.1)
      shoulda-context (~> 1.0.0)
      shoulda-matchers (~> 1.0.0)
    shoulda-context (1.0.0)
    shoulda-matchers (1.0.0)
    simple_uuid (0.3.0)
    thrift (0.8.0)
    thrift_client (0.8.3)
      thrift (~> 0.8.0)
    yard (0.8.2.1)

PLATFORMS
  ruby

DEPENDENCIES
  bundler (~> 1.1.0)
  cassandra-cql (= 1.1.4)
  jeweler (~> 1.8.4)
  progress_bar
  rdoc (~> 3.12)
  redcarpet
  rspec
  shoulda
  yard
