GEM
  remote: http://rubygems.org/
  specs:
    activesupport (3.2.11)
      i18n (~> 0.6)
      multi_json (~> 1.0)
    bourne (1.1.2)
      mocha (= 0.10.5)
    cassandra-cql (1.1.4)
      simple_uuid (>= 0.2.0)
      thrift_client (>= 0.7.1)
    diff-lcs (1.1.3)
    fattr (2.2.1)
    git (1.2.5)
    highline (1.6.15)
    i18n (0.6.1)
    jeweler (1.8.4)
      bundler (~> 1.0)
      git (>= 1.2.5)
      rake
      rdoc
    json (1.7.6)
    metaclass (0.0.1)
    mocha (0.10.5)
      metaclass (~> 0.0.1)
    multi_json (1.5.0)
    options (2.3.0)
      fattr
    progress_bar (0.4.0)
      highline (~> 1.6.1)
      options (~> 2.3.0)
    rake (10.0.3)
    rdoc (3.12)
      json (~> 1.4)
    redcarpet (2.2.2)
    rspec (2.12.0)
      rspec-core (~> 2.12.0)
      rspec-expectations (~> 2.12.0)
      rspec-mocks (~> 2.12.0)
    rspec-core (2.12.2)
    rspec-expectations (2.12.1)
      diff-lcs (~> 1.1.3)
    rspec-mocks (2.12.2)
    shoulda (3.3.2)
      shoulda-context (~> 1.0.1)
      shoulda-matchers (~> 1.4.1)
    shoulda-context (1.0.2)
    shoulda-matchers (1.4.2)
      activesupport (>= 3.0.0)
      bourne (~> 1.1.2)
    simple_uuid (0.3.0)
    thrift (0.9.0)
    thrift_client (0.9.0)
      thrift (~> 0.9.0)
    yard (0.8.4)

PLATFORMS
  ruby

DEPENDENCIES
  bundler (~> 1.2.3)
  cassandra-cql (= 1.1.4)
  jeweler (~> 1.8.4)
  progress_bar
  rdoc (~> 3.12)
  redcarpet
  rspec
  shoulda
  yard
