GIT
  remote: git://github.com/kreynolds/cassandra-cql.git
  revision: 108b7d3432d884746e0cf8823c791e5338797a00
  specs:
    cassandra-cql (1.0.4)
      simple_uuid (>= 0.2.0)
      thrift_client (>= 0.7.1)

GEM
  remote: http://rubygems.org/
  specs:
    active_support (3.0.0)
      activesupport (= 3.0.0)
    activesupport (3.0.0)
    git (1.2.5)
    jeweler (1.8.4)
      bundler (~> 1.0)
      git (>= 1.2.5)
      rake
      rdoc
    json (1.7.3)
    rake (0.9.2.2)
    rdoc (3.12)
      json (~> 1.4)
    shoulda (3.0.1)
      shoulda-context (~> 1.0.0)
      shoulda-matchers (~> 1.0.0)
    shoulda-context (1.0.0)
    shoulda-matchers (1.0.0)
    simple_uuid (0.2.0)
    thrift (0.8.0)
    thrift_client (0.8.1)
      thrift (~> 0.8.0)
    yard (0.8.2.1)

PLATFORMS
  ruby

DEPENDENCIES
  active_support
  bundler (~> 1.1.0)
  cassandra-cql!
  jeweler (~> 1.8.4)
  rdoc (~> 3.12)
  shoulda
  yard
